GEM
  remote: https://rubygems.org/
  specs:
    pg (0.18.1)
    sequel (4.20.0)
    sequel_pg (1.6.11)
      pg (>= 0.8.0)
      sequel (>= 3.39.0)

PLATFORMS
  ruby

DEPENDENCIES
  sequel
  sequel_pg (= 1.6.11)
